GIT
  remote: git://github.com/elasticsearch/elasticsearch-ruby.git
  revision: b5ab13eff1cd57e36d355c4d673b7c8920b5afcf
  specs:
    elasticsearch (6.0.0.pre)
      elasticsearch-api (= 6.0.0.pre)
      elasticsearch-transport (= 6.0.0.pre)
    elasticsearch-api (6.0.0.pre)
      multi_json
    elasticsearch-transport (6.0.0.pre)
      faraday
      multi_json

GEM
  remote: https://rubygems.org/
  specs:
    coderay (1.1.1)
    faraday (0.12.1)
      multipart-post (>= 1.2, < 3)
    method_source (0.8.2)
    multi_json (1.12.1)
    multipart-post (2.0.0)
    pry (0.10.4)
      coderay (~> 1.1.0)
      method_source (~> 0.8.1)
      slop (~> 3.4)
    slop (3.6.0)

PLATFORMS
  ruby

DEPENDENCIES
  elasticsearch!
  pry

BUNDLED WITH
   1.15.1
